PATH
  remote: .
  specs:
    bobross (0.2.1)
      bearcat (~> 1.4.10)
      bundler (~> 2.3.14)
      forgery (~> 0.8.1)
      rake (~> 13.0.6)

GEM
  remote: https://rubygems.org/
  specs:
    activesupport (7.0.4.3)
      concurrent-ruby (~> 1.0, >= 1.0.2)
      i18n (>= 1.6, < 2)
      minitest (>= 5.1)
      tzinfo (~> 2.0)
    bearcat (1.4.10)
      activesupport
      footrest (>= 0.2.2)
      paul_walker (~> 0.1.1)
    concurrent-ruby (1.2.2)
    diff-lcs (1.5.0)
    faraday (0.17.5)
      multipart-post (>= 1.2, < 3)
    footrest (0.5.3)
      activesupport (>= 3.0.0)
      faraday (>= 0.9.0, < 1)
      link_header (>= 0.0.7)
    forgery (0.8.1)
    i18n (1.12.0)
      concurrent-ruby (~> 1.0)
    link_header (0.0.8)
    minitest (5.18.0)
    multipart-post (2.1.1)
    paul_walker (0.1.2)
      redis (>= 4.0)
    rake (13.0.6)
    redis (4.6.0)
    rspec (3.11.0)
      rspec-core (~> 3.11.0)
      rspec-expectations (~> 3.11.0)
      rspec-mocks (~> 3.11.0)
    rspec-core (3.11.0)
      rspec-support (~> 3.11.0)
    rspec-expectations (3.11.0)
      diff-lcs (>= 1.2.0, < 2.0)
      rspec-support (~> 3.11.0)
    rspec-mocks (3.11.1)
      diff-lcs (>= 1.2.0, < 2.0)
      rspec-support (~> 3.11.0)
    rspec-support (3.11.0)
    tzinfo (2.0.6)
      concurrent-ruby (~> 1.0)

PLATFORMS
  x86_64-darwin-20
  x86_64-darwin-21
  x86_64-linux

DEPENDENCIES
  bobross!
  rspec (~> 3.11.0)

BUNDLED WITH
   2.3.14
