PATH
  remote: .
  specs:
    bobross (0.1.13)

GEM
  remote: https://rubygems.org/
  specs:
    activesupport (6.0.3.2)
      concurrent-ruby (~> 1.0, >= 1.0.2)
      i18n (>= 0.7, < 2)
      minitest (~> 5.1)
      tzinfo (~> 1.1)
      zeitwerk (~> 2.2, >= 2.2.2)
    bearcat (1.3.55)
      activesupport
      footrest (>= 0.2.2)
      paul_walker (~> 0.1.1)
    concurrent-ruby (1.1.6)
    diff-lcs (1.4.4)
    faraday (0.17.3)
      multipart-post (>= 1.2, < 3)
    footrest (0.5.3)
      activesupport (>= 3.0.0)
      faraday (>= 0.9.0, < 1)
      link_header (>= 0.0.7)
    forgery (0.7.0)
    i18n (1.8.4)
      concurrent-ruby (~> 1.0)
    link_header (0.0.8)
    minitest (5.14.1)
    multipart-post (2.1.1)
    paul_walker (0.1.2)
      redis (>= 4.0)
    rake (10.5.0)
    redis (4.2.1)
    rspec (3.9.0)
      rspec-core (~> 3.9.0)
      rspec-expectations (~> 3.9.0)
      rspec-mocks (~> 3.9.0)
    rspec-core (3.9.2)
      rspec-support (~> 3.9.3)
    rspec-expectations (3.9.2)
      diff-lcs (>= 1.2.0, < 2.0)
      rspec-support (~> 3.9.0)
    rspec-mocks (3.9.1)
      diff-lcs (>= 1.2.0, < 2.0)
      rspec-support (~> 3.9.0)
    rspec-support (3.9.3)
    thread_safe (0.3.6)
    tzinfo (1.2.7)
      thread_safe (~> 0.1)
    zeitwerk (2.4.0)

PLATFORMS
  ruby

DEPENDENCIES
  bearcat (~> 1.3.30)
  bobross!
  bundler (~> 2.0)
  forgery (~> 0.7)
  rake (~> 10.0)
  rspec (~> 3.0)

BUNDLED WITH
   2.1.4
